PATH
  remote: .
  specs:
    spotter (1.0.1)
      hashrules (> 1.1.3, < 1.2)
      titleize
      unicode

GEM
  remote: https://rubygems.org/
  specs:
    activesupport (3.2.13)
      i18n (= 0.6.1)
      multi_json (~> 1.0)
    ansi (1.4.3)
    bourne (1.4.0)
      mocha (~> 0.13.2)
    hashrules (1.1.4)
    i18n (0.6.1)
    metaclass (0.0.1)
    mocha (0.13.3)
      metaclass (~> 0.0.1)
    multi_json (1.7.2)
    shoulda (3.4.0)
      shoulda-context (~> 1.0, >= 1.0.1)
      shoulda-matchers (~> 1.0, >= 1.4.1)
    shoulda-context (1.1.0)
    shoulda-matchers (1.5.6)
      activesupport (>= 3.0.0)
      bourne (~> 1.3)
    titleize (1.3.0)
    turn (0.9.6)
      ansi
    unicode (0.4.4)

PLATFORMS
  ruby

DEPENDENCIES
  shoulda
  spotter!
  turn
